GEM
    remote https://rubygems.org/
    specs:
        byebug (9.0.6)

PLATFORMS
    rubygems

DEPENDENCIES
    byebug

BUNDLED WITH
    1.13.6